GEM
  remote: https://rubygems.org/
  specs:
    awesome_print (1.9.2)
    minitest (5.25.4)

PLATFORMS
  arm64-darwin-24
  ruby

DEPENDENCIES
  awesome_print
  minitest (= 5.25.4)

RUBY VERSION
   ruby 3.4.1p0

BUNDLED WITH
   2.6.3
