GEM
  remote: https://rubygems.org/
  specs:
    logger (1.7.0)
    minitest (5.25.4)
    rake (13.3.0)

PLATFORMS
  arm64-darwin-24
  ruby

DEPENDENCIES
  logger (= 1.7.0)
  minitest (= 5.25.4)
  rake (~> 13.3)

RUBY VERSION
   ruby 3.4.1p0

BUNDLED WITH
   2.6.3
