GEM
  remote: https://rubygems.org/
  specs:
    logger (1.6.6)
    minitest (5.25.4)
    ostruct (0.6.1)
    recursive-open-struct (2.0.0)
      ostruct

PLATFORMS
  arm64-darwin-24
  ruby

DEPENDENCIES
  logger (~> 1.6)
  minitest (= 5.25.4)
  ostruct (~> 0.6.1)
  recursive-open-struct (~> 2.0)

RUBY VERSION
   ruby 3.4.1p0

BUNDLED WITH
   2.6.3
