GEM
  remote: https://rubygems.org/
  specs:
    minitest (5.25.4)

PLATFORMS
  arm64-darwin-24
  ruby

DEPENDENCIES
  minitest (= 5.25.4)

RUBY VERSION
   ruby 3.4.1p0

BUNDLED WITH
   2.6.3
